PATH
  remote: .
  specs:
    predictive_load (0.1.0)

GEM
  remote: https://rubygems.org/
  specs:
    minitest (5.2.0)
    rake (10.1.1)

PLATFORMS
  ruby

DEPENDENCIES
  minitest
  predictive_load!
  rake
